GEM
  remote: http://rubygems.org/
  specs:
    RedCloth (4.2.7)
    archive-tar-minitar (0.5.2)
    awesome_print (0.4.0)
    barista (1.2.1)
      coffee-script (~> 2.2)
    builder (3.0.0)
    capistrano (2.6.0)
      highline
      net-scp (>= 1.0.0)
      net-sftp (>= 2.0.0)
      net-ssh (>= 2.0.14)
      net-ssh-gateway (>= 1.1.0)
    capybara (0.4.1.2)
      celerity (>= 0.7.9)
      culerity (>= 0.2.4)
      mime-types (>= 1.16)
      nokogiri (>= 1.3.3)
      rack (>= 1.0.0)
      rack-test (>= 0.5.4)
      selenium-webdriver (>= 0.0.27)
      xpath (~> 0.1.3)
    celerity (0.8.9)
    childprocess (0.1.9)
      ffi (~> 1.0.6)
    ci_reporter (1.6.5)
      builder (>= 2.1.2)
    coderay (0.9.8)
    coffee-script (2.2.0)
      coffee-script-source
      execjs
    coffee-script-source (1.1.1)
    columnize (0.3.4)
    cucumber (1.0.0)
      builder (>= 2.1.2)
      diff-lcs (>= 1.1.2)
      gherkin (~> 2.4.1)
      json (>= 1.4.6)
      term-ansicolor (>= 1.0.5)
    cucumber-rails (0.4.1)
      cucumber (>= 0.10.1)
      nokogiri (>= 1.4.4)
      rack-test (>= 0.5.7)
    culerity (0.2.15)
    daemons (1.1.4)
    diff-lcs (1.1.2)
    eventmachine (0.12.10)
    execjs (1.2.0)
      multi_json (~> 1.0)
    ffi (1.0.9)
    foreverb (0.1.7)
      thor (~> 0.14.6)
    fuubar (0.0.5)
      rspec (~> 2.0)
      rspec-instafail (~> 0.1.4)
      ruby-progressbar (~> 0.0.10)
    fuzzy_file_finder (1.0.4)
    gherkin (2.4.2)
      json (>= 1.4.6)
    git (1.2.5)
    grit (2.4.1)
      diff-lcs (~> 1.1)
      mime-types (~> 1.15)
    guard (0.5.0)
      thor (~> 0.14.6)
    highline (1.6.2)
    jasmine (1.0.2.1)
      json_pure (>= 1.4.3)
      rack (>= 1.1)
      rspec (>= 1.3.1)
      selenium-webdriver (>= 0.1.3)
    jeweler (1.6.4)
      bundler (~> 1.0)
      git (>= 1.2.5)
      rake
    json (1.5.3)
    json_pure (1.5.3)
    libnotify (0.5.6)
    linecache19 (0.5.12)
      ruby_core_source (>= 0.1.4)
    lorax (0.2.0)
      nokogiri (>= 1.4.0)
    mime-types (1.16)
    mocha (0.9.12)
    multi_json (1.0.3)
    net-scp (1.0.4)
      net-ssh (>= 1.99.1)
    net-sftp (2.0.5)
      net-ssh (>= 2.0.9)
    net-ssh (2.1.4)
    net-ssh-gateway (1.1.0)
      net-ssh (>= 1.99.1)
    nokogiri (1.5.0)
    rack (1.3.0)
    rack-asset-compiler (0.2.1)
      rack
    rack-test (0.6.0)
      rack (>= 1.0)
    rake (0.9.2)
    rspec (2.6.0)
      rspec-core (~> 2.6.0)
      rspec-expectations (~> 2.6.0)
      rspec-mocks (~> 2.6.0)
    rspec-core (2.6.4)
    rspec-expectations (2.6.0)
      diff-lcs (~> 1.1.2)
    rspec-instafail (0.1.8)
    rspec-mocks (2.6.0)
    ruby-debug-base19 (0.11.25)
      columnize (>= 0.3.1)
      linecache19 (>= 0.5.11)
      ruby_core_source (>= 0.1.4)
    ruby-debug19 (0.11.6)
      columnize (>= 0.3.1)
      linecache19 (>= 0.5.11)
      ruby-debug-base19 (>= 0.11.19)
    ruby-graphviz (1.0.0)
    ruby-progressbar (0.0.10)
    ruby_core_source (0.1.5)
      archive-tar-minitar (>= 0.5.2)
    rubyzip (0.9.4)
    selenium-webdriver (2.0.0)
      childprocess (>= 0.1.9)
      ffi (>= 1.0.7)
      json_pure
      rubyzip
    shotgun (0.9)
      rack (>= 1.0)
    sinatra (1.2.6)
      rack (~> 1.1)
      tilt (>= 1.2.2, < 2.0)
    smart_asset (0.5.4)
    term-ansicolor (1.0.5)
    thin (1.2.11)
      daemons (>= 1.0.9)
      eventmachine (>= 0.12.6)
      rack (>= 1.0.0)
    thor (0.14.6)
    tilt (1.3.2)
    watchr (0.7)
    xpath (0.1.4)
      nokogiri (~> 1.3)

PLATFORMS
  ruby

DEPENDENCIES
  RedCloth
  archive-tar-minitar
  awesome_print
  barista
  capistrano
  capybara
  ci_reporter
  coderay
  cucumber
  cucumber-rails
  foreverb
  fuubar
  fuzzy_file_finder
  grit
  guard
  jasmine
  jeweler
  json_pure
  libnotify
  lorax
  mocha
  rack-asset-compiler
  rack-test
  rspec
  ruby-debug19
  ruby-graphviz
  selenium-webdriver (~> 2.0.0)
  shotgun
  sinatra
  smart_asset
  thin
  watchr
